GEM
  remote: https://rubygems.org/
  specs:
    benchmark-ips (2.14.0)
    lz4-ruby (0.3.3)
    ruby-xz (1.0.3)
    snappy (0.4.0)

PLATFORMS
  ruby

DEPENDENCIES
  benchmark-ips
  lz4-ruby
  ruby-xz
  snappy

BUNDLED WITH
   2.5.9
